GEM
  remote: https://rubygems.org/
  specs:
    dotenv (2.7.4)
    httpclient (2.8.3)
    line-bot-api (1.11.0)
    mustermann (1.0.3)
    rack (2.0.7)
    rack-protection (2.0.5)
      rack
    shotgun (0.9.2)
      rack (>= 1.0)
    sinatra (2.0.5)
      mustermann (~> 1.0)
      rack (~> 2.0)
      rack-protection (= 2.0.5)
      tilt (~> 2.0)
    tilt (2.0.9)

PLATFORMS
  ruby

DEPENDENCIES
  dotenv
  httpclient
  line-bot-api
  shotgun
  sinatra

BUNDLED WITH
   2.0.2
